PATH
  remote: ../..
  specs:
    tldr (0.10.1)
      concurrent-ruby (~> 1.2)
      irb (~> 1.10)
      super_diff (~> 0.10)

GEM
  remote: https://rubygems.org/
  specs:
    attr_extras (7.1.0)
    concurrent-ruby (1.3.5)
    date (3.4.1)
    diff-lcs (1.6.1)
    io-console (0.8.0)
    irb (1.15.1)
      pp (>= 0.6.0)
      rdoc (>= 4.0.0)
      reline (>= 0.4.2)
    mocktail (2.0.0)
      sorbet-eraser (~> 0.3.1)
      sorbet-runtime (~> 0.5.9204)
    optimist (3.2.1)
    patience_diff (1.2.0)
      optimist (~> 3.0)
    pp (0.6.2)
      prettyprint
    prettyprint (0.2.0)
    psych (5.2.3)
      date
      stringio
    rake (13.2.1)
    rdoc (6.13.1)
      psych (>= 4.0.0)
    reline (0.6.0)
      io-console (~> 0.5)
    sorbet-eraser (0.3.1)
    sorbet-runtime (0.5.11954)
    stringio (3.1.6)
    super_diff (0.15.0)
      attr_extras (>= 6.2.4)
      diff-lcs
      patience_diff

PLATFORMS
  arm64-darwin-22
  arm64-darwin-23
  arm64-darwin-24

DEPENDENCIES
  mocktail
  rake
  tldr!

BUNDLED WITH
   2.4.17
