PATH
  remote: ../..
  specs:
    tldr (0.10.0)
      concurrent-ruby (~> 1.2)
      super_diff (~> 0.10)

GEM
  remote: https://rubygems.org/
  specs:
    attr_extras (7.1.0)
    concurrent-ruby (1.2.2)
    diff-lcs (1.5.0)
    erubi (1.12.0)
    netrc (0.11.0)
    optimist (3.1.0)
    parallel (1.23.0)
    patience_diff (1.2.0)
      optimist (~> 3.0)
    prettier_print (1.2.1)
    rake (13.0.6)
    rbi (0.1.1)
      sorbet-runtime (>= 0.5.9204)
      yarp (>= 0.11.0)
    sorbet (0.5.11074)
      sorbet-static (= 0.5.11074)
    sorbet-runtime (0.5.11074)
    sorbet-static (0.5.11074-universal-darwin)
    sorbet-static-and-runtime (0.5.11074)
      sorbet (= 0.5.11074)
      sorbet-runtime (= 0.5.11074)
    spoom (1.2.4)
      erubi (>= 1.10.0)
      sorbet-static-and-runtime (>= 0.5.10187)
      syntax_tree (>= 6.1.1)
      thor (>= 0.19.2)
    super_diff (0.10.0)
      attr_extras (>= 6.2.4)
      diff-lcs
      patience_diff
    syntax_tree (6.2.0)
      prettier_print (>= 1.2.0)
    tapioca (0.11.9)
      bundler (>= 2.2.25)
      netrc (>= 0.11.0)
      parallel (>= 1.21.0)
      rbi (~> 0.1.0, >= 0.1.0)
      sorbet-static-and-runtime (>= 0.5.10187)
      spoom (~> 1.2.0, >= 1.2.0)
      thor (>= 1.2.0)
      yard-sorbet
    thor (1.2.2)
    yard (0.9.34)
    yard-sorbet (0.8.1)
      sorbet-runtime (>= 0.5)
      yard (>= 0.9)
    yarp (0.13.0)

PLATFORMS
  arm64-darwin-22
  arm64-darwin-23
  arm64-darwin-24

DEPENDENCIES
  rake
  sorbet
  sorbet-runtime
  tapioca
  tldr!

BUNDLED WITH
   2.4.17
