PATH
  remote: ../..
  specs:
    tldr (0.10.1)
      concurrent-ruby (~> 1.2)
      super_diff (~> 0.10)

GEM
  remote: https://rubygems.org/
  specs:
    attr_extras (7.1.0)
    benchmark (0.4.0)
    concurrent-ruby (1.3.5)
    diff-lcs (1.6.1)
    erubi (1.13.1)
    logger (1.6.6)
    netrc (0.11.0)
    optimist (3.2.1)
    parallel (1.26.3)
    patience_diff (1.2.0)
      optimist (~> 3.0)
    prism (1.4.0)
    rake (13.2.1)
    rbi (0.3.1)
      prism (~> 1.0)
      rbs (>= 3.4.4)
      sorbet-runtime (>= 0.5.9204)
    rbs (3.9.1)
      logger
    sorbet (0.5.11954)
      sorbet-static (= 0.5.11954)
    sorbet-runtime (0.5.11954)
    sorbet-static (0.5.11954-universal-darwin)
    sorbet-static-and-runtime (0.5.11954)
      sorbet (= 0.5.11954)
      sorbet-runtime (= 0.5.11954)
    spoom (1.6.1)
      erubi (>= 1.10.0)
      prism (>= 0.28.0)
      rbi (>= 0.2.3)
      sorbet-static-and-runtime (>= 0.5.10187)
      thor (>= 0.19.2)
    super_diff (0.15.0)
      attr_extras (>= 6.2.4)
      diff-lcs
      patience_diff
    tapioca (0.16.11)
      benchmark
      bundler (>= 2.2.25)
      netrc (>= 0.11.0)
      parallel (>= 1.21.0)
      rbi (~> 0.2)
      sorbet-static-and-runtime (>= 0.5.11087)
      spoom (>= 1.2.0)
      thor (>= 1.2.0)
      yard-sorbet
    thor (1.3.2)
    yard (0.9.37)
    yard-sorbet (0.9.0)
      sorbet-runtime
      yard

PLATFORMS
  arm64-darwin-22
  arm64-darwin-23
  arm64-darwin-24

DEPENDENCIES
  rake
  sorbet
  sorbet-runtime
  tapioca
  tldr!

BUNDLED WITH
   2.4.17
