PATH
  remote: ../..
  specs:
    tldr (1.1.1)
      concurrent-ruby (~> 1.2)
      irb (~> 1.10)
      super_diff (~> 0.10)

GEM
  remote: https://rubygems.org/
  specs:
    attr_extras (7.1.0)
    benchmark (0.4.1)
    cgi (0.5.0)
    concurrent-ruby (1.3.5)
    date (3.4.1)
    diff-lcs (1.6.2)
    erb (4.0.4)
      cgi (>= 0.3.3)
    erubi (1.13.1)
    io-console (0.8.0)
    irb (1.15.2)
      pp (>= 0.6.0)
      rdoc (>= 4.0.0)
      reline (>= 0.4.2)
    logger (1.7.0)
    netrc (0.11.0)
    optimist (3.2.1)
    parallel (1.27.0)
    patience_diff (1.2.0)
      optimist (~> 3.0)
    pp (0.6.2)
      prettyprint
    prettyprint (0.2.0)
    prism (1.4.0)
    psych (5.2.6)
      date
      stringio
    rake (13.3.0)
    rbi (0.3.6)
      prism (~> 1.0)
      rbs (>= 3.4.4)
    rbs (3.9.4)
      logger
    rdoc (6.14.2)
      erb
      psych (>= 4.0.0)
    reline (0.6.1)
      io-console (~> 0.5)
    sorbet (0.5.12222)
      sorbet-static (= 0.5.12222)
    sorbet-runtime (0.5.12222)
    sorbet-static (0.5.12222-universal-darwin)
    sorbet-static-and-runtime (0.5.12222)
      sorbet (= 0.5.12222)
      sorbet-runtime (= 0.5.12222)
    spoom (1.6.1)
      erubi (>= 1.10.0)
      prism (>= 0.28.0)
      rbi (>= 0.2.3)
      sorbet-static-and-runtime (>= 0.5.10187)
      thor (>= 0.19.2)
    stringio (3.1.7)
    super_diff (0.16.0)
      attr_extras (>= 6.2.4)
      diff-lcs
      patience_diff
    tapioca (0.16.11)
      benchmark
      bundler (>= 2.2.25)
      netrc (>= 0.11.0)
      parallel (>= 1.21.0)
      rbi (~> 0.2)
      sorbet-static-and-runtime (>= 0.5.11087)
      spoom (>= 1.2.0)
      thor (>= 1.2.0)
      yard-sorbet
    thor (1.3.2)
    yard (0.9.37)
    yard-sorbet (0.9.0)
      sorbet-runtime
      yard

PLATFORMS
  arm64-darwin-22
  arm64-darwin-23
  arm64-darwin-24

DEPENDENCIES
  rake
  sorbet
  sorbet-runtime
  tapioca
  tldr!

BUNDLED WITH
   2.4.17
